PATH
  remote: .
  specs:
    heapviz (0.1.0)
      chunky_png (~> 1.4.0)

GEM
  remote: https://rubygems.org/
  specs:
    chunky_png (1.4.0)
    minitest (5.15.0)
    mocha (1.13.0)
    rake (13.0.6)

PLATFORMS
  arm64-darwin-21
  x86_64-darwin-20
  x86_64-linux

DEPENDENCIES
  heapviz!
  minitest (~> 5.0)
  mocha (~> 1.13.0)
  rake (~> 13.0)

BUNDLED WITH
   2.3.3
