GEM
  remote: https://www.rubygems.org/
  specs:
    chunky_png (1.4.0)
    minitest (5.15.0)
    mocha (1.13.0)
    rake (13.0.6)

PLATFORMS
  arm64-darwin-21
  x86_64-darwin-20
  x86_64-linux

DEPENDENCIES
  chunky_png
  minitest
  mocha
  rake

BUNDLED WITH
   2.3.3
